GIT
  remote: https://github.com/bugmark/bmx_api_ruby
  revision: b1eb97eed69d7af86871ebac0e56612e5eaa13e5
  specs:
    bmx_api_ruby (1.0.0)
      json (~> 2.1, >= 2.1.0)
      typhoeus (~> 1.0, >= 1.0.1)

PATH
  remote: .
  specs:
    bmx_cl_ruby (0.1.0)
      awesome_print (~> 1.8.0)
      thor (~> 0.20.0)

GEM
  remote: https://rubygems.org/
  specs:
    awesome_print (1.8.0)
    diff-lcs (1.3)
    ethon (0.11.0)
      ffi (>= 1.3.0)
    ffi (1.9.18)
    json (2.1.0)
    rake (10.5.0)
    rspec (3.7.0)
      rspec-core (~> 3.7.0)
      rspec-expectations (~> 3.7.0)
      rspec-mocks (~> 3.7.0)
    rspec-core (3.7.1)
      rspec-support (~> 3.7.0)
    rspec-expectations (3.7.0)
      diff-lcs (>= 1.2.0, < 2.0)
      rspec-support (~> 3.7.0)
    rspec-mocks (3.7.0)
      diff-lcs (>= 1.2.0, < 2.0)
      rspec-support (~> 3.7.0)
    rspec-support (3.7.0)
    thor (0.20.0)
    typhoeus (1.3.0)
      ethon (>= 0.9.0)

PLATFORMS
  ruby

DEPENDENCIES
  bmx_api_ruby!
  bmx_cl_ruby!
  bundler (~> 1.16)
  rake (~> 10.0)
  rspec (~> 3.0)

BUNDLED WITH
   1.16.1
